PATH
  remote: .
  specs:
    rogue-craft (0.1.0)
      dotenv (~> 2.6)
      dry-auto_inject (~> 0.6.0)
      dry-container (~> 0.6.0)
      dry-events (~> 0.1.0)
      eventmachine (~> 1.2.7)
      ncursesw (~> 1.4)
      state_machines (~> 0.5)

GEM
  remote: https://rubygems.org/
  specs:
    concurrent-ruby (1.1.5)
    dotenv (2.7.1)
    dry-auto_inject (0.6.0)
      dry-container (>= 0.3.4)
    dry-configurable (0.8.2)
      concurrent-ruby (~> 1.0)
      dry-core (~> 0.4, >= 0.4.7)
    dry-container (0.6.0)
      concurrent-ruby (~> 1.0)
      dry-configurable (~> 0.1, >= 0.1.3)
    dry-core (0.4.7)
      concurrent-ruby (~> 1.0)
    dry-equalizer (0.2.2)
    dry-events (0.1.0)
      concurrent-ruby (~> 1.0)
      dry-core (~> 0.4)
      dry-equalizer (~> 0.2)
    dry-inflector (0.1.2)
    dry-initializer (2.5.0)
    dry-logic (0.5.0)
      dry-container (~> 0.2, >= 0.2.6)
      dry-core (~> 0.2)
      dry-equalizer (~> 0.2)
    dry-schema (0.3.0)
      concurrent-ruby (~> 1.0)
      dry-configurable (~> 0.1, >= 0.1.3)
      dry-core (~> 0.2, >= 0.2.1)
      dry-equalizer (~> 0.2)
      dry-initializer (~> 2.4)
      dry-logic (~> 0.5, >= 0.5.0)
      dry-types (~> 0.14, >= 0.14.0)
    dry-types (0.14.0)
      concurrent-ruby (~> 1.0)
      dry-container (~> 0.3)
      dry-core (~> 0.4, >= 0.4.4)
      dry-equalizer (~> 0.2)
      dry-inflector (~> 0.1, >= 0.1.2)
      dry-logic (~> 0.5, >= 0.5)
    dry-validation (1.0.0.alpha2)
      concurrent-ruby (~> 1.0)
      dry-configurable (~> 0.1, >= 0.1.3)
      dry-core (~> 0.2, >= 0.2.1)
      dry-equalizer (~> 0.2)
      dry-initializer (~> 2.5)
      dry-schema (~> 0.3, >= 0.3)
    eventmachine (1.2.7)
    metaclass (0.0.4)
    minitest (5.11.3)
    mocha (1.8.0)
      metaclass (~> 0.0.1)
    msgpack (1.2.7)
    ncursesw (1.4.10)
    rake (12.3.3)
    rogue-craft-common (0.1.0)
      dry-validation (~> 1.0.0.alpha2)
      msgpack (~> 1.2.6)
    state_machines (0.5.0)

PLATFORMS
  ruby

DEPENDENCIES
  bundler (~> 2)
  minitest (~> 5.0)
  mocha (~> 1.8)
  rake (~> 12.0)
  rogue-craft!
  rogue-craft-common (= 0.1.0)

BUNDLED WITH
   2.1.0.pre.1
