GIT
  remote: https://github.com/rogue-craft/common
  revision: fac63b309134991d18cfecf0227ec843f4debf94
  specs:
    rogue-craft-common (0.1.0)
      dry-validation (~> 1.3.1)
      msgpack (~> 1.2.6)

PATH
  remote: .
  specs:
    rogue-craft (0.1.0)
      dry-auto_inject (~> 0.6.0)
      dry-container (~> 0.7.0)
      dry-events (~> 0.1.0)
      eventmachine (~> 1.2.7)
      ncursesw (~> 1.4)
      os (~> 1.0.0)
      state_machines (~> 0.5)

GEM
  remote: https://rubygems.org/
  specs:
    codecov (0.1.16)
      json
      simplecov
      url
    concurrent-ruby (1.1.5)
    docile (1.3.2)
    dry-auto_inject (0.6.1)
      dry-container (>= 0.3.4)
    dry-configurable (0.9.0)
      concurrent-ruby (~> 1.0)
      dry-core (~> 0.4, >= 0.4.7)
    dry-container (0.7.2)
      concurrent-ruby (~> 1.0)
      dry-configurable (~> 0.1, >= 0.1.3)
    dry-core (0.4.9)
      concurrent-ruby (~> 1.0)
    dry-equalizer (0.3.0)
    dry-events (0.1.1)
      concurrent-ruby (~> 1.0)
      dry-core (~> 0.4)
      dry-equalizer (~> 0.2)
    dry-inflector (0.2.0)
    dry-initializer (3.0.2)
    dry-logic (1.0.5)
      concurrent-ruby (~> 1.0)
      dry-core (~> 0.2)
      dry-equalizer (~> 0.2)
    dry-schema (1.4.2)
      concurrent-ruby (~> 1.0)
      dry-configurable (~> 0.8, >= 0.8.3)
      dry-core (~> 0.4)
      dry-equalizer (~> 0.2)
      dry-initializer (~> 3.0)
      dry-logic (~> 1.0)
      dry-types (~> 1.2)
    dry-types (1.2.2)
      concurrent-ruby (~> 1.0)
      dry-container (~> 0.3)
      dry-core (~> 0.4, >= 0.4.4)
      dry-equalizer (~> 0.3)
      dry-inflector (~> 0.1, >= 0.1.2)
      dry-logic (~> 1.0, >= 1.0.2)
    dry-validation (1.3.1)
      concurrent-ruby (~> 1.0)
      dry-container (~> 0.7, >= 0.7.1)
      dry-core (~> 0.4)
      dry-equalizer (~> 0.2)
      dry-initializer (~> 3.0)
      dry-schema (~> 1.0, >= 1.3.1)
    eventmachine (1.2.7)
    json (2.2.0)
    metaclass (0.0.4)
    minitest (5.12.2)
    mocha (1.9.0)
      metaclass (~> 0.0.1)
    msgpack (1.2.10)
    ncursesw (1.4.10)
    os (1.0.1)
    rake (12.3.3)
    simplecov (0.17.1)
      docile (~> 1.1)
      json (>= 1.8, < 3)
      simplecov-html (~> 0.10.0)
    simplecov-html (0.10.2)
    state_machines (0.5.0)
    url (0.3.2)

PLATFORMS
  ruby

DEPENDENCIES
  codecov (~> 0.1.16)
  minitest (~> 5.0)
  mocha (~> 1.8)
  rake (~> 12.0)
  rogue-craft!
  rogue-craft-common (= 0.1.0)!
  simplecov (~> 0.17)

BUNDLED WITH
   1.17.3
