GIT
  remote: https://github.com/rogue-craft/common
  revision: a84c5431aa85998e840fc4b5e088b577c05f7c1a
  specs:
    rogue-craft-common (0.1.0)
      dry-validation (~> 1.7)
      msgpack (~> 1.4)

PATH
  remote: .
  specs:
    rogue-craft (0.1.0)
      dry-auto_inject (~> 0.9.0)
      dry-container (~> 0.9.0)
      dry-events (~> 0.3.0)
      eventmachine
      gosu (~> 1.4)
      ncursesw (~> 1.4)
      os (~> 1.0.0)
      state_machines (~> 0.5)

GEM
  remote: https://rubygems.org/
  specs:
    codecov (0.6.0)
      simplecov (>= 0.15, < 0.22)
    concurrent-ruby (1.1.10)
    docile (1.4.0)
    dry-auto_inject (0.9.0)
      dry-container (>= 0.3.4)
    dry-configurable (0.15.0)
      concurrent-ruby (~> 1.0)
      dry-core (~> 0.6)
    dry-container (0.9.0)
      concurrent-ruby (~> 1.0)
      dry-configurable (~> 0.13, >= 0.13.0)
    dry-core (0.7.1)
      concurrent-ruby (~> 1.0)
    dry-events (0.3.0)
      concurrent-ruby (~> 1.0)
      dry-core (~> 0.5, >= 0.5)
    dry-inflector (0.2.1)
    dry-initializer (3.1.1)
    dry-logic (1.2.0)
      concurrent-ruby (~> 1.0)
      dry-core (~> 0.5, >= 0.5)
    dry-schema (1.9.2)
      concurrent-ruby (~> 1.0)
      dry-configurable (~> 0.13, >= 0.13.0)
      dry-core (~> 0.5, >= 0.5)
      dry-initializer (~> 3.0)
      dry-logic (~> 1.0)
      dry-types (~> 1.5)
    dry-types (1.5.1)
      concurrent-ruby (~> 1.0)
      dry-container (~> 0.3)
      dry-core (~> 0.5, >= 0.5)
      dry-inflector (~> 0.1, >= 0.1.2)
      dry-logic (~> 1.0, >= 1.0.2)
    dry-validation (1.8.1)
      concurrent-ruby (~> 1.0)
      dry-container (~> 0.7, >= 0.7.1)
      dry-core (~> 0.5, >= 0.5)
      dry-initializer (~> 3.0)
      dry-schema (~> 1.8, >= 1.8.0)
    eventmachine (1.2.7)
    gosu (1.4.3)
    minitest (5.16.1)
    mocha (1.14.0)
    msgpack (1.5.2)
    ncursesw (1.4.10)
    os (1.0.1)
    rake (13.0.6)
    simplecov (0.21.2)
      docile (~> 1.1)
      simplecov-html (~> 0.11)
      simplecov_json_formatter (~> 0.1)
    simplecov-html (0.12.3)
    simplecov_json_formatter (0.1.4)
    state_machines (0.5.0)

PLATFORMS
  x86_64-linux

DEPENDENCIES
  codecov
  minitest
  mocha
  rake
  rogue-craft!
  rogue-craft-common (= 0.1.0)!
  simplecov

BUNDLED WITH
   2.3.16
